PATH
  remote: .
  specs:
    genderize_io (0.0.3)

GEM
  remote: https://rubygems.org/
  specs:
    rake (10.4.2)

PLATFORMS
  ruby

DEPENDENCIES
  bundler (~> 1.7)
  genderize_io!
  rake (~> 10.0)
